GEM
  remote: https://rubygems.org/
  specs:
    asciidoctor (1.5.6.2)
    asciidoctor-revealjs (1.1.3)
      asciidoctor (~> 1.5.6)
      thread_safe (~> 0.3.5)
    coderay (1.1.2)
    thread_safe (0.3.6)

PLATFORMS
  ruby

DEPENDENCIES
  asciidoctor-revealjs
  coderay

BUNDLED WITH
   1.16.1
